GEM
  specs:
    sinatra-rroute (0.0.1)

PLATFORMS
  ruby

DEPENDENCIES
  sinatra-rroute
